GEM
  remote: https://rubygems.org/
  specs:
    area (0.10.0)
      fastercsv (~> 1.5)
    coderay (1.1.0)
    coffee-script (2.3.0)
      coffee-script-source
      execjs
    coffee-script-source (1.8.0)
    execjs (2.2.1)
    fastercsv (1.5.5)
    jsmin (1.0.1)
    method_source (0.8.2)
    pdf-core (0.4.0)
    prawn (1.3.0)
      pdf-core (~> 0.4.0)
      ttfunk (~> 1.4.0)
    pry (0.10.1)
      coderay (~> 1.1.0)
      method_source (~> 0.8.1)
      slop (~> 3.4)
    rack (1.5.2)
    rack-protection (1.5.3)
      rack
    rack-test (0.6.2)
      rack (>= 1.0)
    sass (3.4.5)
    sinatra (1.4.5)
      rack (~> 1.4)
      rack-protection (~> 1.4)
      tilt (~> 1.3, >= 1.3.4)
    sinatra-assetpack (0.3.3)
      jsmin
      rack-test
      sinatra
      tilt (>= 1.3.0, < 2.0)
    slop (3.6.0)
    tilt (1.4.1)
    ttfunk (1.4.0)

PLATFORMS
  ruby

DEPENDENCIES
  area
  coffee-script
  prawn
  pry
  sass
  sinatra
  sinatra-assetpack
